GEM
  remote: http://rubygems.org/
  specs:
    atk (1.2.6)
      glib2 (>= 1.2.6)
    atk (1.2.6-x86-mingw32)
      glib2 (>= 1.2.6)
    cairo (1.12.4)
      pkg-config
    cairo (1.12.4-x86-mingw32)
      pkg-config
    diff-lcs (1.2.4)
    eventmachine (1.0.3)
    eventmachine (1.0.3-x86-mingw32)
    gdk_pixbuf2 (1.2.6)
      glib2 (>= 1.2.6)
    gdk_pixbuf2 (1.2.6-x86-mingw32)
      glib2 (>= 1.2.6)
    glib2 (1.2.6)
      pkg-config
    glib2 (1.2.6-x86-mingw32)
      pkg-config
    green_shoes (1.1.373)
      gtk2
    gtk2 (1.2.6)
      atk (>= 1.2.6)
      gdk_pixbuf2 (>= 1.2.6)
      pango (>= 1.2.6)
    gtk2 (1.2.6-x86-mingw32)
      atk (>= 1.2.6)
      gdk_pixbuf2 (>= 1.2.6)
      pango (>= 1.2.6)
    log4r (1.1.10)
    multi_json (1.7.2)
    oj (2.0.10)
    os (0.9.6)
    pango (1.2.6)
      cairo (>= 1.10.0)
      glib2 (>= 1.2.6)
    pango (1.2.6-x86-mingw32)
      cairo (>= 1.10.0)
      glib2 (>= 1.2.6)
    pkg-config (1.1.4)
    rainbow (1.1.4)
    rspec (2.13.0)
      rspec-core (~> 2.13.0)
      rspec-expectations (~> 2.13.0)
      rspec-mocks (~> 2.13.0)
    rspec-core (2.13.1)
    rspec-expectations (2.13.0)
      diff-lcs (>= 1.1.3, < 2.0)
    rspec-mocks (2.13.1)
    simplecov (0.7.1)
      multi_json (~> 1.0)
      simplecov-html (~> 0.7.1)
    simplecov-html (0.7.1)
    yard (0.8.6.1)

PLATFORMS
  ruby
  x86-mingw32

DEPENDENCIES
  eventmachine
  green_shoes
  log4r
  oj
  os
  rainbow
  rspec
  simplecov
  yard
