GEM
  remote: http://rubygems.org/
  specs:
    celluloid (0.14.1)
      timers (>= 1.0.0)
    celluloid-io (0.14.1)
      celluloid (>= 0.14.1)
      nio4r (>= 0.4.5)
    coderay (1.0.9)
    diff-lcs (1.2.4)
    interception (0.3)
    log4r (1.1.10)
    method_source (0.8.1)
    multi_json (1.7.2)
    nio4r (0.4.6)
    oj (2.0.10)
    os (0.9.6)
    pry (0.9.12)
      coderay (~> 1.0.5)
      method_source (~> 0.8)
      slop (~> 3.4)
    pry (0.9.12-x86-mingw32)
      coderay (~> 1.0.5)
      method_source (~> 0.8)
      slop (~> 3.4)
      win32console (~> 1.3)
    pry-rescue (1.1.1)
      interception (>= 0.3)
      pry
    rainbow (1.1.4)
    rspec (2.13.0)
      rspec-core (~> 2.13.0)
      rspec-expectations (~> 2.13.0)
      rspec-mocks (~> 2.13.0)
    rspec-core (2.13.1)
    rspec-expectations (2.13.0)
      diff-lcs (>= 1.1.3, < 2.0)
    rspec-mocks (2.13.1)
    simplecov (0.7.1)
      multi_json (~> 1.0)
      simplecov-html (~> 0.7.1)
    simplecov-html (0.7.1)
    slop (3.4.4)
    timers (1.1.0)
    win32console (1.3.2-x86-mingw32)
    yard (0.8.6.1)

PLATFORMS
  ruby
  x86-mingw32

DEPENDENCIES
  celluloid-io
  log4r
  oj
  os
  pry
  pry-rescue
  rainbow
  rspec
  simplecov
  yard
